GEM
  remote: https://rubygems.org/
  specs:
    aws-eventstream (1.2.0)
    aws-partitions (1.571.0)
    aws-sdk-core (3.130.0)
      aws-eventstream (~> 1, >= 1.0.2)
      aws-partitions (~> 1, >= 1.525.0)
      aws-sigv4 (~> 1.1)
      jmespath (~> 1.0)
    aws-sdk-lambda (1.82.0)
      aws-sdk-core (~> 3, >= 3.127.0)
      aws-sigv4 (~> 1.1)
    aws-sdk-xray (1.4.0)
      aws-sdk-core (~> 3)
      aws-sigv4 (~> 1.0)
    aws-sigv4 (1.4.0)
      aws-eventstream (~> 1, >= 1.0.2)
    aws-xray-sdk (0.13.0)
      aws-sdk-xray (~> 1.4.0)
      multi_json (~> 1)
    jmespath (1.6.1)
    multi_json (1.15.0)
    rubyzip (2.3.2)

PLATFORMS
  ruby

DEPENDENCIES
  aws-sdk-lambda
  aws-xray-sdk
  rubyzip

BUNDLED WITH
   2.1.4
